PATH
  remote: .
  specs:
    rack_session_redis (0.1.0)
      rack-session (>= 0.2.0)
      redis (>= 4.6.0)

GEM
  remote: https://rubygems.org/
  specs:
    ast (2.4.2)
    connection_pool (1.2.0)
    json (2.6.3)
    minitest (5.17.0)
    mocha (2.0.2)
      ruby2_keywords (>= 0.0.5)
    parallel (1.22.1)
    parser (3.2.0.0)
      ast (~> 2.4.1)
    rack (3.0.4.1)
    rack-session (2.0.0)
      rack (>= 3.0.0)
    rainbow (3.1.1)
    rake (13.0.6)
    redis (4.7.1)
    regexp_parser (2.6.2)
    rexml (3.2.5)
    rubocop (1.44.1)
      json (~> 2.3)
      parallel (~> 1.10)
      parser (>= 3.2.0.0)
      rainbow (>= 2.2.2, < 4.0)
      regexp_parser (>= 1.8, < 3.0)
      rexml (>= 3.2.5, < 4.0)
      rubocop-ast (>= 1.24.1, < 2.0)
      ruby-progressbar (~> 1.7)
      unicode-display_width (>= 2.4.0, < 3.0)
    rubocop-ast (1.24.1)
      parser (>= 3.1.1.0)
    rubocop-minitest (0.27.0)
      rubocop (>= 0.90, < 2.0)
    ruby-progressbar (1.11.0)
    ruby2_keywords (0.0.5)
    unicode-display_width (2.4.2)

PLATFORMS
  x86_64-darwin-19
  x86_64-linux

DEPENDENCIES
  connection_pool (~> 1.2.0)
  minitest (~> 5.17)
  mocha (~> 2.0)
  rack_session_redis!
  rake (~> 13.0)
  rubocop (~> 1.44)
  rubocop-minitest (~> 0.27)

BUNDLED WITH
   2.3.26
